GEM
  remote: https://rubygems.org/
  specs:
    mini_portile (0.6.2)
    multi_json (1.11.0)
    nokogiri (1.6.6.2)
      mini_portile (~> 0.6.0)
    oj (2.12.7)
    representable (2.1.8)
      multi_json
      nokogiri
      uber (~> 0.0.7)
    roar (1.0.1)
      representable (>= 2.0.1, <= 3.0.0)
    ruby-prof (0.15.8)
    uber (0.0.13)

PLATFORMS
  ruby

DEPENDENCIES
  oj
  roar
  ruby-prof
